GEM
  remote: https://rubygems.org/
  specs:
    addressable (2.8.6)
      public_suffix (>= 2.0.2, < 6.0)
    coderay (1.1.3)
    concurrent-ruby (1.1.10)
    date (3.4.1)
    deep_merge (1.2.2)
    diff-lcs (1.5.0)
    facter (4.3.1)
      hocon (~> 1.3)
      thor (>= 1.0.1, < 2.0)
    facterdb (1.22.0)
      facter (< 5.0.0)
      jgrep
    fast_gettext (2.3.0)
    ffi (1.16.3)
    formatador (1.1.0)
    guard (2.18.1)
      formatador (>= 0.2.4)
      listen (>= 2.7, < 4.0)
      lumberjack (>= 1.0.12, < 2.0)
      nenv (~> 0.1)
      notiffany (~> 0.0)
      pry (>= 0.13.0)
      shellany (~> 0.0)
      thor (>= 0.18.1)
    guard-compat (1.2.1)
    guard-rspec (4.7.3)
      guard (~> 2.1)
      guard-compat (~> 1.1)
      rspec (>= 2.99.0, < 4.0)
    hiera (3.12.0)
    hocon (1.4.0)
    jgrep (1.5.4)
    json (2.7.1)
    json-schema (4.1.1)
      addressable (>= 2.8)
    listen (3.8.0)
      rb-fsevent (~> 0.10, >= 0.10.3)
      rb-inotify (~> 0.9, >= 0.9.10)
    locale (2.1.3)
    lumberjack (1.2.10)
    metadata-json-lint (4.0.0)
      json-schema (>= 2.8, < 5.0)
      semantic_puppet (~> 1.0)
      spdx-licenses (~> 1.0)
    method_source (1.0.0)
    mocha (1.16.1)
    multi_json (1.15.0)
    nenv (0.3.0)
    net-ftp (0.3.8)
      net-protocol
      time
    net-protocol (0.2.2)
      timeout
    notiffany (0.1.3)
      nenv (~> 0.1)
      shellany (~> 0.0)
    pathspec (1.0.0)
    pry (0.14.2)
      coderay (~> 1.1)
      method_source (~> 1.0)
    public_suffix (5.0.4)
    puppet (7.24.0)
      concurrent-ruby (~> 1.0, < 1.2.0)
      deep_merge (~> 1.0)
      facter (> 2.0.1, < 5)
      fast_gettext (>= 1.1, < 3)
      hiera (>= 3.2.1, < 4)
      locale (~> 2.1)
      multi_json (~> 1.10)
      puppet-resource_api (~> 1.5)
      scanf (~> 1.0)
      semantic_puppet (~> 1.0)
    puppet-lint (2.5.2)
    puppet-resource_api (1.9.0)
      hocon (>= 1.0)
    puppet-syntax (3.3.0)
      puppet (>= 5)
      rake
    puppetlabs_spec_helper (2.16.0)
      mocha (~> 1.0)
      pathspec (>= 0.2.1, < 1.1.0)
      puppet-lint (~> 2.0)
      puppet-syntax (>= 2.0, < 4)
      rspec-puppet (~> 2.0)
    rake (13.1.0)
    rb-fsevent (0.11.2)
    rb-inotify (0.10.1)
      ffi (~> 1.0)
    rspec (3.12.0)
      rspec-core (~> 3.12.0)
      rspec-expectations (~> 3.12.0)
      rspec-mocks (~> 3.12.0)
    rspec-core (3.12.2)
      rspec-support (~> 3.12.0)
    rspec-expectations (3.12.3)
      diff-lcs (>= 1.2.0, < 2.0)
      rspec-support (~> 3.12.0)
    rspec-mocks (3.12.6)
      diff-lcs (>= 1.2.0, < 2.0)
      rspec-support (~> 3.12.0)
    rspec-puppet (2.12.0)
      rspec
    rspec-puppet-facts (2.0.5)
      facter
      facterdb (>= 0.5.0)
      puppet
    rspec-support (3.12.1)
    scanf (1.0.0)
    semantic_puppet (1.1.0)
    shellany (0.0.1)
    spdx-licenses (1.3.0)
    thor (1.3.0)
    time (0.4.1)
      date
    timeout (0.4.3)

PLATFORMS
  ruby

DEPENDENCIES
  facter (= 4.3.1)
  guard
  guard-rspec
  json
  metadata-json-lint
  net-ftp
  puppet (= 7.24.0)
  puppet-lint
  puppetlabs_spec_helper (< 3.0.0)
  rake
  rspec-puppet
  rspec-puppet-facts
  scanf
  semantic_puppet
